GIT
  remote: git://github.com/lautis/uglifier.git
  revision: b2ebc80686155671d3d33edafc23301fc23007cd
  specs:
    uglifier (2.5.0)
      execjs (>= 0.3.0)
      json (>= 1.8.0)

GIT
  remote: git://github.com/phusion/passenger.git
  revision: 83ba107ac18d697868615d89b7f397f8f5898dd0
  specs:
    passenger (4.0.41)
      daemon_controller (>= 1.2.0)
      rack
      rake (>= 0.8.1)

GIT
  remote: git://github.com/puma/puma.git
  revision: db33a357680ab56d5861f4c15b075f1ff2a7621a
  specs:
    puma (2.8.1)
      rack (>= 1.1, < 2.0)

GIT
  remote: git://github.com/rails/coffee-rails.git
  revision: 044d0d683b436128dedf45f780b8fca138d005e2
  specs:
    coffee-rails (4.0.1)
      coffee-script (>= 2.2.0)
      railties (>= 4.0.0, < 5.0)

GIT
  remote: git://github.com/rails/rails.git
  revision: c45939ea2c7b42030afa2bce2de0681aba0777b6
  specs:
    actionmailer (4.2.0.alpha)
      actionpack (= 4.2.0.alpha)
      actionview (= 4.2.0.alpha)
      mail (~> 2.5.4)
    actionpack (4.2.0.alpha)
      actionview (= 4.2.0.alpha)
      activesupport (= 4.2.0.alpha)
      rack (~> 1.5.2)
      rack-test (~> 0.6.2)
    actionview (4.2.0.alpha)
      activesupport (= 4.2.0.alpha)
      builder (~> 3.1)
      erubis (~> 2.7.0)
    activemodel (4.2.0.alpha)
      activesupport (= 4.2.0.alpha)
      builder (~> 3.1)
    activerecord (4.2.0.alpha)
      activemodel (= 4.2.0.alpha)
      activesupport (= 4.2.0.alpha)
      arel (~> 5.0.0)
    activesupport (4.2.0.alpha)
      i18n (~> 0.6, >= 0.6.9)
      json (~> 1.7, >= 1.7.7)
      minitest (~> 5.1)
      thread_safe (~> 0.1)
      tzinfo (~> 1.1)
    rails (4.2.0.alpha)
      actionmailer (= 4.2.0.alpha)
      actionpack (= 4.2.0.alpha)
      actionview (= 4.2.0.alpha)
      activemodel (= 4.2.0.alpha)
      activerecord (= 4.2.0.alpha)
      activesupport (= 4.2.0.alpha)
      bundler (>= 1.3.0, < 2.0)
      railties (= 4.2.0.alpha)
      sprockets-rails (~> 2.1)
    railties (4.2.0.alpha)
      actionpack (= 4.2.0.alpha)
      activesupport (= 4.2.0.alpha)
      rake (>= 0.8.7)
      thor (>= 0.18.1, < 2.0)

GIT
  remote: git://github.com/rails/sass-rails.git
  revision: a5c466c809cde1797f5cc4b447f3a73f1fcb911f
  specs:
    sass-rails (4.0.1)
      railties (>= 4.0.0, < 5.0)
      sass (~> 3.2.0)
      sprockets (~> 2.8, <= 2.11.0)
      sprockets-rails (~> 2.0)

GEM
  remote: https://rubygems.org/
  specs:
    arel (5.0.0)
    blankslate (2.1.2.4)
    builder (3.2.2)
    coffee-script (2.2.0)
      coffee-script-source
      execjs
    coffee-script-source (1.7.0)
    daemon_controller (1.2.0)
    daemons (1.1.9)
    erubis (2.7.0)
    eventmachine (1.0.3)
    execjs (2.0.2)
    four (0.0.1)
    hike (1.2.3)
    i18n (0.6.9)
    jbuilder (1.5.3)
      activesupport (>= 3.0.0)
      multi_json (>= 1.2.0)
    jquery-rails (3.1.0)
      railties (>= 3.0, < 5.0)
      thor (>= 0.14, < 2.0)
    json (1.8.1)
    kgio (2.9.2)
    libxml-ruby (2.7.0)
    loggability (0.10.1)
    mail (2.5.4)
      mime-types (~> 1.16)
      treetop (~> 1.4.8)
    mime-types (1.25.1)
    minitest (5.3.2)
    mongrel2 (0.41.0)
      libxml-ruby (~> 2.7)
      loggability (~> 0.5)
      rbczmq (~> 1.7)
      sequel (~> 4.2)
      sqlite3 (~> 1.3)
      sysexits (~> 1.1)
      tnetstring (~> 0.3)
      trollop (~> 2.0)
      yajl-ruby (~> 1.0)
    multi_json (1.9.2)
    mysql2 (0.3.15)
    parslet (1.5.0)
      blankslate (~> 2.0)
    pg (0.17.1)
    polyglot (0.3.4)
    rack (1.5.2)
    rack-test (0.6.2)
      rack (>= 1.0)
    raindrops (0.13.0)
    rake (10.2.2)
    rbczmq (1.7.5)
    rdoc (4.1.1)
      json (~> 1.4)
    sass (3.2.18)
    sdoc (0.4.0)
      json (~> 1.8)
      rdoc (~> 4.0, < 5.0)
    sequel (4.9.0)
    skinny (0.2.2)
      eventmachine (~> 1.0)
      thin
    sprockets (2.11.0)
      hike (~> 1.2)
      multi_json (~> 1.0)
      rack (~> 1.0)
      tilt (~> 1.1, != 1.3.0)
    sprockets-rails (2.1.0)
      actionpack (>= 4.0)
      activesupport (>= 4.0)
      sprockets (~> 2.8)
    sqlite3 (1.3.9)
    sysexits (1.1.0)
    thin (1.6.2)
      daemons (>= 1.0.9)
      eventmachine (>= 1.0.0)
      rack (>= 1.0.0)
    thor (0.19.1)
    thread_safe (0.3.2)
    tilt (1.4.1)
    tnetstring (0.3.4)
    treetop (1.4.15)
      polyglot
      polyglot (>= 0.3.1)
    trollop (2.0)
    turbolinks (2.2.1)
      coffee-rails
    tzinfo (1.1.0)
      thread_safe (~> 0.1)
    unicorn (4.8.2)
      kgio (~> 2.6)
      rack
      raindrops (~> 0.7)
    yajl-ruby (1.2.0)
    yarn (0.1.1)
      parslet (>= 1.2)
      rack (>= 1.3)
      trollop (>= 1.16)

PLATFORMS
  ruby

DEPENDENCIES
  coffee-rails!
  four
  jbuilder (~> 1.2)
  jquery-rails
  mongrel2
  mysql2
  passenger!
  pg
  puma!
  rails!
  rake
  sass-rails!
  sdoc
  skinny
  sqlite3
  thin
  turbolinks
  uglifier!
  unicorn
  yarn
